RESTRICTION: == net45
NUGET
  remote: https://www.nuget.org/api/v2
    Argu (3.7)
    DotNet.Contracts (1.10.20606.1)
    DotParser (1.0.6)
      FSharp.Core
      FSharpx.Collections.Experimental
    FSharp.Core (4.2.2) - redirects: force
    FSharpx.Collections (1.17)
      FSharp.Core
    FSharpx.Collections.Experimental (1.17)
      FSharp.Core
      FSharpx.Collections (>= 1.17)
    Google.Apis (1.28)
      Google.Apis.Core (>= 1.28)
      Newtonsoft.Json (>= 10.0.2)
      System.Net.Http (>= 4.3.1)
    Google.Apis.Auth (1.28)
      Google.Apis (>= 1.28)
      Google.Apis.Core (>= 1.28)
    Google.Apis.Core (1.28)
      Newtonsoft.Json (>= 10.0.2)
      System.Net.Http (>= 4.3.1)
    Google.Apis.Sheets.v4 (1.28.0.938)
      Google.Apis (>= 1.28)
      Google.Apis.Auth (>= 1.28)
    Newtonsoft.Json (10.0.3)
    System.Net.Http (4.3.2)
    YC.QuickGraph (3.7.3)
      DotNet.Contracts
      DotParser (>= 1.0.6)
      FSharp.Core

GROUP Build
NUGET
  remote: https://www.nuget.org/api/v2
    FAKE (4.61.3)
    FSharp.Compiler.Service (2.0.0.6)
    FSharp.Formatting (2.14.4)
      FSharp.Compiler.Service (2.0.0.6)
      FSharpVSPowerTools.Core (>= 2.3 < 2.4)
    FSharpVSPowerTools.Core (2.3)
      FSharp.Compiler.Service (>= 2.0.0.3)
    Microsoft.Bcl (1.1.10) - restriction: || (== net10) (== net11) (== net20) (== net30) (== net35) (== net40)
      Microsoft.Bcl.Build (>= 1.0.14)
    Microsoft.Bcl.Build (1.0.21) - import_targets: false, restriction: || (== net10) (== net11) (== net20) (== net30) (== net35) (== net40)
    Microsoft.Net.Http (2.2.29) - restriction: || (== net10) (== net11) (== net20) (== net30) (== net35) (== net40)
      Microsoft.Bcl (>= 1.1.10)
      Microsoft.Bcl.Build (>= 1.0.14)
    Octokit (0.24)
      Microsoft.Net.Http  - restriction: || (== net10) (== net11) (== net20) (== net30) (== net35) (== net40)
    SourceLink.Fake (1.1)
GITHUB
  remote: fsharp/FAKE
    modules/Octokit/Octokit.fsx (574f6259c4abec2ae45b8c888aa1bdc9b5d4e842)
      Octokit (>= 0.20)
GROUP Test
NUGET
  remote: https://www.nuget.org/api/v2
    NUnit (2.6.4)
    NUnit.Runners (2.6.4)
